GIT
  remote: git://github.com/lotus/assets.git
  revision: 55707eeef03fb56b057cbb64f402b8e52a837785
  specs:
    lotus-assets (0.1.0)
      lotus-utils (~> 0.5)
      tilt (~> 2.0, >= 2.0.1)

GIT
  remote: git://github.com/lotus/controller.git
  revision: b58a351d8bc0dfca595fbdd3050ec6189dbbfa58
  specs:
    lotus-controller (0.4.4)
      lotus-utils (~> 0.5)
      lotus-validations (~> 0.3)
      rack (~> 1.5)

GIT
  remote: git://github.com/lotus/helpers.git
  revision: ec60edd8e79ec502e1bd19487aad9d160799d4ed
  specs:
    lotus-helpers (0.2.0)
      lotus-utils (~> 0.5)

GIT
  remote: git://github.com/lotus/model.git
  revision: c28cb0e877051f3d4a7409a071157cd3d498d1c2
  specs:
    lotus-model (0.4.1)
      lotus-utils (~> 0.5)
      sequel (~> 4.9)

GIT
  remote: git://github.com/lotus/router.git
  revision: c37c0d0d2c6ce601d26e5d861ffc382409e518f3
  specs:
    lotus-router (0.4.2)
      http_router (~> 0.11)
      lotus-utils (~> 0.5, >= 0.5.1)

GIT
  remote: git://github.com/lotus/utils.git
  revision: 9d16d4410af27ee9d61322cbda2b37452ebc45c1
  specs:
    lotus-utils (0.5.1)

GIT
  remote: git://github.com/lotus/validations.git
  revision: d29feefadfb812f83fb32451a33caf81d087eeab
  specs:
    lotus-validations (0.3.2)
      lotus-utils (~> 0.5)

GIT
  remote: git://github.com/lotus/view.git
  revision: 6e564754bf1631afe6159c3b1c2b01ca22abf9b3
  specs:
    lotus-view (0.4.3)
      lotus-utils (~> 0.5)
      tilt (~> 2.0, >= 2.0.1)

GIT
  remote: git@github.com:jodosha/panther.git
  revision: 8e64b1bb37d6e55802f7269f874855b089781682
  specs:
    panther (0.1.0)
      http-2 (~> 0.7)
      rack (~> 1.6)

PATH
  remote: ../lotus/lotus
  specs:
    lotusrb (0.4.1)
      dotenv (~> 2.0)
      lotus-assets (~> 0.1)
      lotus-controller (~> 0.4, >= 0.4.4)
      lotus-helpers (~> 0.2)
      lotus-router (~> 0.4, >= 0.4.2)
      lotus-utils (~> 0.5, >= 0.5.1)
      lotus-view (~> 0.4, >= 0.4.3)
      shotgun (~> 0.9)
      thor (~> 0.19)

GEM
  remote: https://rubygems.org/
  specs:
    capybara (2.4.4)
      mime-types (>= 1.16)
      nokogiri (>= 1.3.3)
      rack (>= 1.0.0)
      rack-test (>= 0.5.4)
      xpath (~> 2.0)
    dotenv (2.0.2)
    http-2 (0.7.0)
    http_router (0.11.2)
      rack (>= 1.0.0)
      url_mount (~> 0.2.1)
    mime-types (2.6.1)
    mini_portile (0.6.2)
    minitest (5.7.0)
    nokogiri (1.6.6.2)
      mini_portile (~> 0.6.0)
    rack (1.6.4)
    rack-test (0.6.3)
      rack (>= 1.0)
    rake (10.4.2)
    sequel (4.24.0)
    shotgun (0.9.1)
      rack (>= 1.0)
    thor (0.19.1)
    tilt (2.0.1)
    url_mount (0.2.1)
      rack
    xpath (2.0.0)
      nokogiri (~> 1.3)

PLATFORMS
  ruby

DEPENDENCIES
  bundler
  capybara
  lotus-assets!
  lotus-controller!
  lotus-helpers!
  lotus-model!
  lotus-router!
  lotus-utils!
  lotus-validations!
  lotus-view!
  lotusrb!
  minitest
  panther!
  rake

BUNDLED WITH
   1.10.5
